NUGET
  remote: https://www.nuget.org/api/v2
    Chutzpah (4.2.3)
    jasmine (2.4.1)
    JasmineforMVC (1.0.1)
